GEM
  remote: https://rubygems.org/
  specs:
    cli-console (0.1.4)
    diff-lcs (1.3)
    highline (2.0.3)
    rspec (3.9.0)
      rspec-core (~> 3.9.0)
      rspec-expectations (~> 3.9.0)
      rspec-mocks (~> 3.9.0)
    rspec-core (3.9.2)
      rspec-support (~> 3.9.3)
    rspec-expectations (3.9.2)
      diff-lcs (>= 1.2.0, < 2.0)
      rspec-support (~> 3.9.0)
    rspec-mocks (3.9.1)
      diff-lcs (>= 1.2.0, < 2.0)
      rspec-support (~> 3.9.0)
    rspec-support (3.9.3)

PLATFORMS
  ruby

DEPENDENCIES
  cli-console (= 0.1.4)
  highline (= 2.0.3)
  rspec (= 3.9.0)
  rspec-core (= 3.9.2)
  rspec-expectations (= 3.9.2)

BUNDLED WITH
   2.1.4
